GEM
  specs:
    faraday (0.8.0)
      multipart-post (~> 1.1)
    hashie (1.2.0)
    multipart-post (1.1.5)
    rake (0.9.2.2)

PLATFORMS
  ruby

DEPENDENCIES
  faraday
  hashie
  rake
